GEM
  remote: https://rubygems.org/
  specs:
    minitest (5.25.5)

PLATFORMS
  arm64-darwin-22
  ruby

DEPENDENCIES
  minitest

BUNDLED WITH
   2.5.23
